GEM
  remote: https://rubygems.org/
  specs:
    byebug (9.0.6)
    colorize (0.8.1)
    commander (4.4.2)
      highline (~> 1.7.2)
    highline (1.7.8)
    mysql2 (0.4.5)
    net-sftp (2.1.2)
      net-ssh (>= 2.6.5)
    net-ssh (4.0.0)
    net-ssh-gateway (1.2.0)
      net-ssh (>= 2.6.5)
    paint (2.0.0)
    ruby-progressbar (1.8.1)
    unicode-display_width (1.1.2)
    whirly (0.2.4)
      unicode-display_width (~> 1.1)

PLATFORMS
  ruby

DEPENDENCIES
  byebug
  colorize
  commander
  mysql2
  net-sftp
  net-ssh-gateway
  paint
  ruby-progressbar
  whirly

BUNDLED WITH
   1.13.7
